GEM
  remote: http://rubygems.org/
  specs:
    gosu (0.7.45)
    gosu (0.7.45-x86-mingw32)
    ocra (1.3.0)

PLATFORMS
  ruby
  x86-mingw32

DEPENDENCIES
  gosu (= 0.7.45)
  ocra
